GEM
  remote: https://rubygems.org/
  specs:
    gosu (1.4.6)
    minitest (5.22.2)
    rake (13.1.0)

PLATFORMS
  aarch64-linux

DEPENDENCIES
  gosu
  minitest
  rake

BUNDLED WITH
   2.5.6
